GIT
  remote: https://github.com/BupycHuk/mysql2
  revision: 7dbd8a720a3f4d89c48d96eb48426afc3fcb33df
  branch: master
  specs:
    mysql2 (0.5.2)

GEM
  remote: https://rubygems.org/
  specs:
    coderay (1.1.2)
    method_source (0.9.2)
    minitest (5.11.3)
    parallel (1.13.0)
    pry (0.12.2)
      coderay (~> 1.1.0)
      method_source (~> 0.9.0)
    rake (12.3.2)

PLATFORMS
  ruby

DEPENDENCIES
  minitest
  mysql2!
  parallel
  pry
  rake

BUNDLED WITH
   1.17.2
